GEM
  remote: http://rubygems.org/
  specs:
    border_patrol (0.1.2)
      nokogiri (>= 1.4.3.1)
    chunky_png (1.2.0)
    compass (0.11.1)
      chunky_png (~> 1.1)
      fssm (>= 0.2.7)
      sass (~> 3.1)
    fssm (0.2.7)
    grid-coordinates (1.1.4)
      compass (>= 0.10.5)
    haml (3.1.1)
    i18n (0.6.0)
    json_pure (1.6.0)
    mail (2.3.0)
      i18n (>= 0.4.0)
      mime-types (~> 1.16)
      treetop (~> 1.4.8)
    mime-types (1.16)
    nokogiri (1.5.0)
    polyglot (0.3.2)
    pony (1.3)
      mail (> 2.0)
    rack (1.3.0)
    rdiscount (1.6.8)
    sass (3.1.2)
    shotgun (0.9)
      rack (>= 1.0)
    sinatra (1.2.6)
      rack (~> 1.1)
      tilt (< 2.0, >= 1.2.2)
    sinatra-flash (0.3.0)
      sinatra (>= 1.0.0)
    tilt (1.3.2)
    treetop (1.4.10)
      polyglot
      polyglot (>= 0.3.1)

PLATFORMS
  ruby

DEPENDENCIES
  border_patrol
  compass (~> 0.11.1)
  grid-coordinates (~> 1.1.4)
  haml (~> 3.1.1)
  json_pure
  pony
  rdiscount
  sass (~> 3.1.1)
  shotgun (~> 0.9)
  sinatra (~> 1.2.3)
  sinatra-flash
